GEM
  remote: https://rubygems.org/
  specs:
    autoprefixer-rails (1.3.1.20140619)
      execjs
    blankslate (2.1.2.4)
    celluloid (0.15.2)
      timers (~> 1.1.0)
    classifier (1.3.4)
      fast-stemmer (>= 1.0.0)
    coffee-script (2.2.0)
      coffee-script-source
      execjs
    coffee-script-source (1.7.0)
    colorator (0.1)
    execjs (2.2.1)
    fast-stemmer (1.0.2)
    ffi (1.9.3)
    jekyll (2.1.0)
      classifier (~> 1.3)
      colorator (~> 0.1)
      jekyll-coffeescript (~> 1.0)
      jekyll-gist (~> 1.0)
      jekyll-paginate (~> 1.0)
      jekyll-sass-converter (~> 1.0)
      jekyll-watch (~> 1.0)
      kramdown (~> 1.3)
      liquid (~> 2.6.1)
      mercenary (~> 0.3.3)
      pygments.rb (~> 0.6.0)
      redcarpet (~> 3.1)
      safe_yaml (~> 1.0)
      toml (~> 0.1.0)
    jekyll-coffeescript (1.0.0)
      coffee-script (~> 2.2)
    jekyll-gist (1.1.0)
    jekyll-page-hooks (1.3.0)
      jekyll (>= 2.0.0)
    jekyll-paginate (1.0.0)
    jekyll-sass-converter (1.0.0)
      sass (~> 3.2)
    jekyll-watch (1.0.0)
      listen (~> 2.7)
    json (1.8.1)
    kramdown (1.4.0)
    liquid (2.6.1)
    listen (2.7.9)
      celluloid (>= 0.15.2)
      rb-fsevent (>= 0.9.3)
      rb-inotify (>= 0.9)
    mercenary (0.3.3)
    octopress (3.0.0.rc.12)
      jekyll (~> 2.0)
      mercenary (~> 0.3.2)
    octopress-code-highlighter (4.2.1)
      colorator (~> 0.1)
    octopress-codefence (1.4.3)
      jekyll-page-hooks (~> 1.1)
      octopress-code-highlighter (~> 4.2)
    octopress-deploy (1.0.0.rc.9)
      colorator
      octopress (~> 3.0.0.rc.10)
    octopress-ink (1.0.0.rc.11)
      autoprefixer-rails (~> 1.1, >= 1.1.20140403)
      jekyll (~> 2.0)
      jekyll-page-hooks (~> 1.3)
      uglifier (~> 2.5)
    octopress-solarized (1.0.1)
      octopress-ink (~> 1.0.0.rc.11)
    parslet (1.5.0)
      blankslate (~> 2.0)
    posix-spawn (0.3.8)
    pygments.rb (0.6.0)
      posix-spawn (~> 0.3.6)
      yajl-ruby (~> 1.1.0)
    rb-fsevent (0.9.4)
    rb-inotify (0.9.5)
      ffi (>= 0.5.0)
    redcarpet (3.1.2)
    safe_yaml (1.0.3)
    sass (3.3.9)
    timers (1.1.0)
    toml (0.1.1)
      parslet (~> 1.5.0)
    uglifier (2.5.1)
      execjs (>= 0.3.0)
      json (>= 1.8.0)
    yajl-ruby (1.1.0)

PLATFORMS
  ruby

DEPENDENCIES
  octopress (>= 3.0.0.rc12)
  octopress-codefence (>= 1.4.3)
  octopress-deploy (>= 1.0.0.rc.8)
  octopress-solarized (>= 1.0.1)
  pygments.rb (>= 0.6.0)
  redcarpet (>= 3.1.2)
